GEM
  remote: http://rubygems.org/
  specs:
    mina (0.3.8)
      open4 (~> 1.3.4)
      rake
    mina-puma (0.3.2)
      mina (< 1.0.0)
      puma (>= 2.13)
    open4 (1.3.4)
    puma (3.6.0)
    rack (1.6.4)
    rack-protection (1.5.3)
      rack
    rake (11.3.0)
    sinatra (1.4.7)
      rack (~> 1.5)
      rack-protection (~> 1.4)
      tilt (>= 1.3, < 3)
    slim (3.0.7)
      temple (~> 0.7.6)
      tilt (>= 1.3.3, < 2.1)
    temple (0.7.7)
    tilt (2.0.5)

PLATFORMS
  ruby
  x64-mingw32

DEPENDENCIES
  mina
  mina-puma
  puma
  sinatra
  slim

BUNDLED WITH
   1.13.5
